GEM
  remote: http://rubygems.org/
  specs:
    actionmailer (2.3.6)
      actionpack (= 2.3.6)
    actionpack (2.3.6)
      activesupport (= 2.3.6)
      rack (~> 1.1.0)
    activerecord (2.3.6)
      activesupport (= 2.3.6)
    activeresource (2.3.6)
      activesupport (= 2.3.6)
    activesupport (2.3.6)
    authlogic (2.1.6)
      activesupport
    encryptor (1.1.1)
    rack (1.1.0)
    rails (2.3.6)
      actionmailer (= 2.3.6)
      actionpack (= 2.3.6)
      activerecord (= 2.3.6)
      activeresource (= 2.3.6)
      activesupport (= 2.3.6)
      rake (>= 0.8.3)
    rake (0.8.7)

PLATFORMS
  ruby

DEPENDENCIES
  authlogic (= 2.1.6)
  encryptor (= 1.1.1)
  rails (= 2.3.6)
